PATH
  remote: .
  specs:
    clai (0.1.1)
      http (~> 5.1, >= 5.1.1)
      thor (~> 1.2, >= 1.2.2)
      zeitwerk (~> 2.6, >= 2.6.8)

GEM
  remote: https://rubygems.org/
  specs:
    addressable (2.8.4)
      public_suffix (>= 2.0.2, < 6.0)
    debug (1.8.0)
      irb (>= 1.5.0)
      reline (>= 0.3.1)
    domain_name (0.5.20190701)
      unf (>= 0.0.5, < 1.0.0)
    ffi (1.15.5)
    ffi-compiler (1.0.1)
      ffi (>= 1.0.0)
      rake
    http (5.1.1)
      addressable (~> 2.8)
      http-cookie (~> 1.0)
      http-form_data (~> 2.2)
      llhttp-ffi (~> 0.4.0)
    http-cookie (1.0.5)
      domain_name (~> 0.5)
    http-form_data (2.3.0)
    io-console (0.6.0)
    irb (1.7.1)
      reline (>= 0.3.0)
    llhttp-ffi (0.4.0)
      ffi-compiler (~> 1.0)
      rake (~> 13.0)
    minitest (5.18.1)
    public_suffix (5.0.1)
    rake (13.0.6)
    reline (0.3.5)
      io-console (~> 0.5)
    thor (1.2.2)
    unf (0.1.4)
      unf_ext
    unf_ext (0.0.8.2)
    zeitwerk (2.6.8)

PLATFORMS
  arm64-darwin-21
  x86_64-linux

DEPENDENCIES
  clai!
  debug (>= 1.0.0)
  minitest (~> 5.0)
  rake (~> 13.0)

BUNDLED WITH
   2.4.16
